GEM
  remote: https://rubygems.org/
  specs:
    amq-protocol (2.2.0)
    bson (4.2.2)
    bson_ext (1.5.1)
    bunny (2.7.1)
      amq-protocol (>= 2.2.0)
    coderay (1.1.2)
    method_source (0.9.0)
    mongo (2.4.3)
      bson (>= 4.2.1, < 5.0.0)
    mustermann (1.0.1)
    pry (0.11.1)
      coderay (~> 1.1.0)
      method_source (~> 0.9.0)
    rack (2.0.3)
    rack-protection (2.0.0)
      rack
    sinatra (2.0.0)
      mustermann (~> 1.0)
      rack (~> 2.0)
      rack-protection (= 2.0.0)
      tilt (~> 2.0)
    slim (3.0.8)
      temple (>= 0.7.6, < 0.9)
      tilt (>= 1.3.3, < 2.1)
    temple (0.8.0)
    tilt (2.0.8)

PLATFORMS
  ruby

DEPENDENCIES
  bson_ext
  bunny
  mongo
  pry
  sinatra
  slim

BUNDLED WITH
   1.14.6
